GIT
  remote: https://github.com/ib-ruby/ib-ruby.git
  revision: a7c3c9aea25edb1d769b02e0974b44912bc35fdd
  branch: master
  specs:
    ib-ruby (0.9.7.2)
      activemodel
      activesupport (>= 5.2)
      bundler (>= 2.0)
      ox

PATH
  remote: .
  specs:
    markethackers-client (0.1.0)

GEM
  remote: https://rubygems.org/
  specs:
    activemodel (6.0.3.2)
      activesupport (= 6.0.3.2)
    activesupport (6.0.3.2)
      concurrent-ruby (~> 1.0, >= 1.0.2)
      i18n (>= 0.7, < 2)
      minitest (~> 5.1)
      tzinfo (~> 1.1)
      zeitwerk (~> 2.2, >= 2.2.2)
    addressable (2.7.0)
      public_suffix (>= 2.0.2, < 5.0)
    concurrent-ruby (1.1.7)
    crack (0.4.3)
      safe_yaml (~> 1.0.0)
    diff-lcs (1.4.4)
    faraday (1.0.1)
      multipart-post (>= 1.2, < 3)
    faraday_middleware (1.0.0)
      faraday (~> 1.0)
    hashdiff (1.0.1)
    i18n (1.8.5)
      concurrent-ruby (~> 1.0)
    minitest (5.14.2)
    multipart-post (2.1.1)
    ox (2.13.3)
    public_suffix (4.0.6)
    rake (13.0.1)
    rspec (3.9.0)
      rspec-core (~> 3.9.0)
      rspec-expectations (~> 3.9.0)
      rspec-mocks (~> 3.9.0)
    rspec-core (3.9.2)
      rspec-support (~> 3.9.3)
    rspec-expectations (3.9.2)
      diff-lcs (>= 1.2.0, < 2.0)
      rspec-support (~> 3.9.0)
    rspec-mocks (3.9.1)
      diff-lcs (>= 1.2.0, < 2.0)
      rspec-support (~> 3.9.0)
    rspec-support (3.9.3)
    safe_yaml (1.0.5)
    thread_safe (0.3.6)
    tzinfo (1.2.7)
      thread_safe (~> 0.1)
    vcr (6.0.0)
    webmock (3.8.3)
      addressable (>= 2.3.6)
      crack (>= 0.3.2)
      hashdiff (>= 0.4.0, < 2.0.0)
    zeitwerk (2.4.0)

PLATFORMS
  ruby

DEPENDENCIES
  activesupport
  bundler
  faraday
  faraday_middleware
  ib-ruby!
  markethackers-client!
  rake (~> 13)
  rspec (~> 3.0)
  vcr (~> 6.0)
  webmock (~> 3.8)

BUNDLED WITH
   2.1.4
